PATH
  remote: .
  specs:
    git_time_machine (1.0.0)

GEM
  remote: https://rubygems.org/
  specs:
    rake (10.5.0)

PLATFORMS
  ruby

DEPENDENCIES
  bundler (~> 1.13)
  git_time_machine!
  rake (~> 10.0)

BUNDLED WITH
   1.13.5
